PATH
  remote: .
  specs:
    infosig-utils (1.0.3)

GEM
  remote: https://rubygems.org/
  specs:
    activesupport (4.2.11.3)
      i18n (~> 0.7)
      minitest (~> 5.1)
      thread_safe (~> 0.3, >= 0.3.4)
      tzinfo (~> 1.1)
    coderay (1.1.3)
    concurrent-ruby (1.1.9)
    connection_pool (2.2.3)
    i18n (0.9.5)
      concurrent-ruby (~> 1.0)
    m (1.5.1)
      method_source (>= 0.6.7)
      rake (>= 0.9.2.2)
    method_source (1.0.0)
    minitest (5.12.0)
    minitest-parallel_fork (1.1.2)
    pry (0.14.1)
      coderay (~> 1.1)
      method_source (~> 1.0)
    rack (1.6.13)
    rack-protection (2.1.0)
      rack
    rack-test (0.7.0)
      rack (>= 1.0, < 3)
    rake (12.2.1)
    ramda-ruby (0.16.0)
    redis (3.3.5)
    redlock (1.3.2)
      redis (>= 3.0.0, < 6.0)
    sequel (5.64.0)
    sidekiq (5.0.3)
      concurrent-ruby (~> 1.0)
      connection_pool (~> 2.2, >= 2.2.0)
      rack-protection (>= 1.5.0)
      redis (~> 3.3, >= 3.3.3)
    thread_safe (0.3.6)
    timecop (0.9.6)
    tzinfo (1.2.10)
      thread_safe (~> 0.1)

PLATFORMS
  x86_64-linux

DEPENDENCIES
  activesupport
  concurrent-ruby
  infosig-utils!
  m (~> 1.5.0)
  minitest
  minitest-parallel_fork
  pry
  rack-test
  rake
  ramda-ruby
  redlock
  sequel
  sidekiq
  timecop

RUBY VERSION
   ruby 2.7.6p219

BUNDLED WITH
   2.3.12
